PATH
  remote: .
  specs:
    shoutengai (0.0.1)
      sequel (~> 4.40)

GEM
  remote: https://rubygems.org/
  specs:
    codeclimate-test-reporter (1.0.7)
      simplecov
    diff-lcs (1.3)
    docile (1.1.5)
    json (2.1.0)
    kramdown (1.13.2)
    rake (12.0.0)
    rspec (3.6.0)
      rspec-core (~> 3.6.0)
      rspec-expectations (~> 3.6.0)
      rspec-mocks (~> 3.6.0)
    rspec-core (3.6.0)
      rspec-support (~> 3.6.0)
    rspec-expectations (3.6.0)
      diff-lcs (>= 1.2.0, < 2.0)
      rspec-support (~> 3.6.0)
    rspec-mocks (3.6.0)
      diff-lcs (>= 1.2.0, < 2.0)
      rspec-support (~> 3.6.0)
    rspec-support (3.6.0)
    sequel (4.46.0)
    simplecov (0.14.1)
      docile (~> 1.1.0)
      json (>= 1.8, < 3)
      simplecov-html (~> 0.10.0)
    simplecov-html (0.10.0)
    sqlite3 (1.3.13)
    yard (0.9.9)

PLATFORMS
  ruby

DEPENDENCIES
  bundler (~> 1.0)
  codeclimate-test-reporter (~> 1.0)
  kramdown (~> 1.13)
  rake (~> 12.0)
  rspec (~> 3.0)
  shoutengai!
  simplecov (~> 0.14)
  sqlite3 (~> 1.3)
  yard (~> 0.9)

BUNDLED WITH
   1.14.6
